GEM
  remote: https://rubygems.org/
  specs:
    actionmailer (2.1.1)
      actionpack (= 2.1.1)
    actionpack (2.1.1)
      activesupport (= 2.1.1)
    activerecord (2.1.1)
      activesupport (= 2.1.1)
    activeresource (2.1.1)
      activesupport (= 2.1.1)
    activesupport (2.1.1)
    amatch (0.3.0)
      tins (~> 1.0)
    columnize (0.9.0)
    kgio (2.9.2)
    linecache (0.46)
      rbx-require-relative (> 0.0.4)
    pg (0.17.1)
    rack (1.5.2)
    rails (2.1.1)
      actionmailer (= 2.1.1)
      actionpack (= 2.1.1)
      activerecord (= 2.1.1)
      activeresource (= 2.1.1)
      activesupport (= 2.1.1)
      rake (>= 0.8.1)
    raindrops (0.13.0)
    rake (0.9.2.2)
    rbx-require-relative (0.0.9)
    ruby-debug (0.10.4)
      columnize (>= 0.1)
      ruby-debug-base (~> 0.10.4.0)
    ruby-debug-base (0.10.4)
      linecache (>= 0.3)
    ruby-openid (2.6.0)
    tins (1.3.3)
    unicorn (4.8.3)
      kgio (~> 2.6)
      rack
      raindrops (~> 0.7)

PLATFORMS
  ruby

DEPENDENCIES
  amatch (= 0.3.0)
  pg
  rails (= 2.1.1)
  rake (= 0.9.2.2)
  ruby-debug
  ruby-openid
  unicorn
